GEM
  remote: https://rubygems.org/
  specs:
    nokogiri (1.12.5-x86_64-linux)
      racc (~> 1.4)
    racc (1.5.2)

PLATFORMS
  x86_64-linux

DEPENDENCIES
  nokogiri

RUBY VERSION
   ruby 2.7.4p191

BUNDLED WITH
   2.2.29
